GEM
  remote: https://rubygems.org/
  specs:
    image_size (2.0.2)
    rake (13.0.1)
    review (3.2.0)
      image_size
      rouge
      rubyzip
    rouge (3.16.0)
    rubyzip (2.2.0)

PLATFORMS
  ruby

DEPENDENCIES
  rake
  review (= 3.2.0)

BUNDLED WITH
   2.1.3
